GEM
  remote: http://rubygems.org/
  specs:
    rake (0.9.2.2)
    systemu (2.5.2)
    thor (0.16.0)

PLATFORMS
  ruby

DEPENDENCIES
  rake
  systemu
  thor
