GEM
  remote: http://rubygems.org/
  specs:
    listen (0.5.3)
    rake (0.9.2.2)
    rb-fsevent (0.9.2)
    thor (0.16.0)

PLATFORMS
  ruby

DEPENDENCIES
  listen
  rake
  rb-fsevent
  thor
