GEM
  remote: http://rubygems.org/
  specs:
    rake (0.9.2.2)
    thor (0.16.0)

PLATFORMS
  ruby

DEPENDENCIES
  rake
  thor
